GEM
  remote: https://rubygems.org/
  specs:
    excon (0.45.4)
    httpi (2.4.1)
      rack
    json (1.8.3)
    mandrill (0.0.4)
      httpi
      json
    mandrill-api (1.0.53)
      excon (>= 0.16.0, < 1.0)
      json (>= 1.7.7, < 2.0)
    rack (1.6.4)

PLATFORMS
  ruby

DEPENDENCIES
  mandrill
  mandrill-api

BUNDLED WITH
   1.10.6
